GEM
  remote: http://rubygems.org/
  specs:
    activesupport (4.1.6)
      i18n (~> 0.6, >= 0.6.9)
      json (~> 1.7, >= 1.7.7)
      minitest (~> 5.1)
      thread_safe (~> 0.1)
      tzinfo (~> 1.1)
    coffee-script (2.3.0)
      coffee-script-source
      execjs
    coffee-script-source (1.8.0)
    execjs (2.2.1)
    i18n (0.6.11)
    json (1.8.1)
    kgio (2.9.2)
    minitest (5.4.2)
    rack (1.5.2)
    raindrops (0.13.0)
    sass (3.4.5)
    sinatra (1.0)
      rack (>= 1.0)
    sinatra-partial (0.4.0)
      sinatra
    slim (2.0.3)
      temple (~> 0.6.6)
      tilt (>= 1.3.3, < 2.1)
    temple (0.6.8)
    thread_safe (0.3.4)
    tilt (2.0.1)
    tzinfo (1.2.2)
      thread_safe (~> 0.1)
    unicorn (4.8.3)
      kgio (~> 2.6)
      rack
      raindrops (~> 0.7)

PLATFORMS
  ruby

DEPENDENCIES
  activesupport (~> 4.1)
  coffee-script (~> 2.3)
  sass (~> 3.4)
  sinatra (~> 1.0)
  sinatra-partial (~> 0.4)
  slim (~> 2.0)
  tilt (~> 2.0)
  unicorn (~> 4.8)
